GEM
  remote: https://rubygems.org/
  specs:
    daemons (1.2.4)
    eventmachine (1.2.0.1)
    faraday (0.9.2)
      multipart-post (>= 1.2, < 3)
    lita (2.7.2)
      bundler (>= 1.3)
      faraday (>= 0.8.7)
      multi_json (>= 1.7.7)
      rack (>= 1.5.2)
      redis-namespace (>= 1.3.0)
      thin (>= 1.5.1)
      thor (>= 0.18.1)
    lita-hello (0.0.8)
      lita (~> 2.6)
    multi_json (1.12.1)
    multipart-post (2.0.0)
    rack (1.6.4)
    redis (3.3.1)
    redis-namespace (1.5.2)
      redis (~> 3.0, >= 3.0.4)
    thin (1.7.0)
      daemons (~> 1.0, >= 1.0.9)
      eventmachine (~> 1.0, >= 1.0.4)
      rack (>= 1, < 3)
    thor (0.19.1)

PLATFORMS
  ruby

DEPENDENCIES
  lita
  lita-hello

BUNDLED WITH
   1.13.0
